GIT
  remote: https://github.com/stympy/faker.git
  revision: 04add77186a18713c8bbd504829c7e1912415402
  branch: master
  specs:
    faker (1.6.6)
      i18n (~> 0.5)

GEM
  remote: https://rubygems.org/
  specs:
    addressable (2.4.0)
    archive-zip (0.7.0)
      io-like (~> 0.3.0)
    capybara (2.10.1)
      addressable
      mime-types (>= 1.16)
      nokogiri (>= 1.3.3)
      rack (>= 1.0.0)
      rack-test (>= 0.5.4)
      xpath (~> 2.0)
    childprocess (0.5.9)
      ffi (~> 1.0, >= 1.0.11)
    chromedriver-helper (1.0.0)
      archive-zip (~> 0.7.0)
      nokogiri (~> 1.6)
    coderay (1.1.1)
    ffi (1.9.14-x64-mingw32)
    ffi (1.9.14-x86-mingw32)
    highline (1.7.8)
    i18n (0.7.0)
    io-like (0.3.0)
    method_source (0.8.2)
    mime-types (3.1)
      mime-types-data (~> 3.2015)
    mime-types-data (3.2016.0521)
    mini_portile2 (2.1.0)
    nokogiri (1.6.8.1-x64-mingw32)
      mini_portile2 (~> 2.1.0)
    nokogiri (1.6.8.1-x86-mingw32)
      mini_portile2 (~> 2.1.0)
    pry (0.10.4)
      coderay (~> 1.1.0)
      method_source (~> 0.8.1)
      slop (~> 3.4)
    rack (2.0.1)
    rack-test (0.6.3)
      rack (>= 1.0)
    rubyzip (1.2.0)
    selenium-webdriver (3.0.0)
      childprocess (~> 0.5)
      rubyzip (~> 1.0)
      websocket (~> 1.0)
    slop (3.6.0)
    websocket (1.2.3)
    xpath (2.0.0)
      nokogiri (~> 1.3)

PLATFORMS
  x64-mingw32
  x86-mingw32

DEPENDENCIES
  capybara
  chromedriver-helper
  faker!
  highline
  pry
  selenium-webdriver

BUNDLED WITH
   1.13.6
